GEM
  remote: https://rubygems.org/
  specs:
    codecov (0.1.10)
      json
      simplecov
      url
    diff-lcs (1.3)
    docile (1.3.1)
    json (2.1.0)
    mustermann (1.0.3)
    mysql2 (0.5.2)
    rack (2.0.5)
    rack-protection (2.0.3)
      rack
    rack-test (1.1.0)
      rack (>= 1.0, < 3)
    rake (12.3.1)
    rspec (3.8.0)
      rspec-core (~> 3.8.0)
      rspec-expectations (~> 3.8.0)
      rspec-mocks (~> 3.8.0)
    rspec-core (3.8.0)
      rspec-support (~> 3.8.0)
    rspec-expectations (3.8.1)
      diff-lcs (>= 1.2.0, < 2.0)
      rspec-support (~> 3.8.0)
    rspec-mocks (3.8.0)
      diff-lcs (>= 1.2.0, < 2.0)
      rspec-support (~> 3.8.0)
    rspec-support (3.8.0)
    simplecov (0.16.1)
      docile (~> 1.1)
      json (>= 1.8, < 3)
      simplecov-html (~> 0.10.0)
    simplecov-html (0.10.2)
    sinatra (2.0.3)
      mustermann (~> 1.0)
      rack (~> 2.0)
      rack-protection (= 2.0.3)
      tilt (~> 2.0)
    tilt (2.0.8)
    url (0.3.2)

PLATFORMS
  ruby

DEPENDENCIES
  codecov
  mysql2
  rack-test
  rake
  rspec
  rspec-expectations
  rspec-mocks
  simplecov
  sinatra

BUNDLED WITH
   1.16.4
